GEM
  remote: https://rubygems.org/
  specs:
    addressable (2.8.7)
      public_suffix (>= 2.0.2, < 7.0)
    concurrent-ruby (1.3.5)
    em-websocket (0.5.3)
      eventmachine (>= 0.12.9)
      http_parser.rb (~> 0)
    eventmachine (1.2.7)
    filewatcher (2.1.0)
      module_methods (~> 0.1.0)
    http_parser.rb (0.8.0)
    launchy (2.5.2)
      addressable (~> 2.8)
    module_methods (0.1.0)
    public_suffix (6.0.1)
    rake (13.2.1)
    rubyzip (2.4.1)
    sscharter (0.7.0)
      concurrent-ruby (~> 1.3)
      em-websocket (~> 0.5)
      filewatcher (~> 2.0)
      launchy (~> 2.5)
      rubyzip (~> 2.3)
      webrick (~> 1.8)
    webrick (1.9.1)

PLATFORMS
  ruby
  x86_64-linux

DEPENDENCIES
  bundler (~> 2.6.6)
  rake (~> 13.2.1)
  sscharter (~> 0.7.0)

BUNDLED WITH
   2.6.6
